GEM
  remote: http://rubygems.org/
  specs:
    aws-sdk (2.3.18)
      aws-sdk-resources (= 2.3.18)
    aws-sdk-core (2.3.18)
      jmespath (~> 1.0)
    aws-sdk-resources (2.3.18)
      aws-sdk-core (= 2.3.18)
    jmespath (1.2.4)
      json_pure (>= 1.8.1)
    json_pure (1.8.3)
    mustache (0.99.8)
    nokogiri (1.5.0)
    nokogiri (1.5.0-x86-mingw32)
    rubyzip (1.2.0)

PLATFORMS
  ruby
  x86-mingw32

DEPENDENCIES
  aws-sdk (~> 2)
  mustache (= 0.99.8)
  nokogiri (= 1.5.0)
  rubyzip (~> 1.2)

BUNDLED WITH
   1.12.5
